GEM
  remote: https://rubygems.org/
  specs:
    aws-s3 (0.6.3)
      builder
      mime-types
      xml-simple
    builder (3.0.4)
    eventmachine (1.0.0.rc.4)
    eventmachine (1.0.0.rc.4-java)
    json (1.5.0)
    json (1.5.0-java)
    metaclass (0.0.1)
    mime-types (1.23)
    mocha (0.11.3)
      metaclass (~> 0.0.1)
    rake (0.9.2.2)
    redis (3.0.2)
    xml-simple (1.1.2)
    yard (0.8.2)

PLATFORMS
  java
  ruby

DEPENDENCIES
  aws-s3 (~> 0.6.3)
  eventmachine (~> 1.0.0.rc.4)
  json
  mocha
  rake
  redis (~> 3.0.2)
  yard
