GEM
  remote: http://rubygems.org/
  specs:
    eventmachine (1.0.0.rc.4)
    eventmachine (1.0.0.rc.4-java)
    json (1.7.3)
    json (1.7.3-java)
    metaclass (0.0.1)
    mocha (0.11.3)
      metaclass (~> 0.0.1)
    rake (0.9.2.2)
    redis (3.0.0.rc1)
    yard (0.8.2)

PLATFORMS
  java
  ruby

DEPENDENCIES
  eventmachine (~> 1.0.0.rc.4)
  json
  mocha
  rake
  redis (~> 3.0.0.rc1)
  yard
