GEM
  remote: http://rubygems.org/
  specs:
    SystemTimer (1.2.3)
    eventmachine (1.0.0.beta.4)
    eventmachine (1.0.0.beta.4-java)
    json (1.6.6)
    metaclass (0.0.1)
    mocha (0.11.3)
      metaclass (~> 0.0.1)
    rake (0.9.2.2)
    redis (3.0.0.rc1)

PLATFORMS
  java
  ruby

DEPENDENCIES
  SystemTimer
  eventmachine (~> 1.0.0.beta.4)
  json
  mocha
  rake
  redis (~> 3.0.0.rc1)
